PATH
  remote: .
  specs:
    citadel (0.0.0)
      active_support (~> 3.0.0)
      colored (~> 1.2)
      colored (~> 1.2)
      sequel (~> 3.47.0)
      sinatra (~> 1.4.2)

GEM
  remote: https://rubygems.org/
  specs:
    active_support (3.0.0)
      activesupport (= 3.0.0)
    activesupport (3.0.0)
    bump (0.4.1)
    colored (1.2)
    diff-lcs (1.2.4)
    rack (1.5.2)
    rack-protection (1.5.0)
      rack
    rake (10.0.4)
    rspec (2.13.0)
      rspec-core (~> 2.13.0)
      rspec-expectations (~> 2.13.0)
      rspec-mocks (~> 2.13.0)
    rspec-core (2.13.1)
    rspec-expectations (2.13.0)
      diff-lcs (>= 1.1.3, < 2.0)
    rspec-mocks (2.13.1)
    sequel (3.47.0)
    sinatra (1.4.2)
      rack (~> 1.5, >= 1.5.2)
      rack-protection (~> 1.4)
      tilt (~> 1.3, >= 1.3.4)
    tilt (1.4.1)

PLATFORMS
  ruby

DEPENDENCIES
  bump
  citadel!
  rake
  rspec (~> 2)
